GEM
  remote: https://rubygems.org/
  specs:
    cowsay (0.2.0)

PLATFORMS
  ruby

DEPENDENCIES
  cowsay

BUNDLED WITH
   1.10.6
